GEM
  remote: https://rubygems.org/
  specs:
    asciidoctor (1.5.0)
    awestruct (0.5.6.beta7)
      asciidoctor
      bootstrap-sass (~> 3.2.0.2)
      colorize (~> 0.7.1)
      compass (~> 1.0.1)
      compass-960-plugin (~> 0.10.4)
      git (~> 1.2.6)
      guard-livereload (~> 2.1.2)
      haml (~> 4.0.5)
      listen (~> 2.7.1)
      mime-types (~> 2.1)
      parallel (> 1.1.1)
      rack (~> 1.5.2)
      rest-client (~> 1.7.2)
      ruby-s3cmd (~> 0.1.5)
      tilt (~> 2.0.1)
      zurb-foundation (~> 4.3.2)
    bootstrap-sass (3.2.0.2)
      sass (~> 3.2)
    celluloid (0.16.0)
      timers (~> 4.0.0)
    chunky_png (1.3.3)
    coderay (1.1.0)
    colorize (0.7.3)
    commonjs (0.2.7)
    compass (1.0.1)
      chunky_png (~> 1.2)
      compass-core (~> 1.0.1)
      compass-import-once (~> 1.0.5)
      rb-fsevent (>= 0.9.3)
      rb-inotify (>= 0.9)
      sass (>= 3.3.13, < 3.5)
    compass-960-plugin (0.10.4)
      compass (>= 0.10.0)
    compass-core (1.0.1)
      multi_json (~> 1.0)
      sass (>= 3.3.0, < 3.5)
    compass-import-once (1.0.5)
      sass (>= 3.2, < 3.5)
    em-websocket (0.5.1)
      eventmachine (>= 0.12.9)
      http_parser.rb (~> 0.6.0)
    eventmachine (1.0.3)
    ffi (1.9.6)
    formatador (0.2.5)
    git (1.2.8)
    guard (2.8.2)
      formatador (>= 0.2.4)
      listen (~> 2.7)
      lumberjack (~> 1.0)
      pry (>= 0.9.12)
      thor (>= 0.18.1)
    guard-livereload (2.1.3)
      em-websocket (~> 0.5)
      guard (~> 2.0)
      multi_json (~> 1.8)
    haml (4.0.5)
      tilt
    hitimes (1.2.2)
    http_parser.rb (0.6.0)
    less (2.6.0)
      commonjs (~> 0.2.7)
    libv8 (3.16.14.7)
    listen (2.7.12)
      celluloid (>= 0.15.2)
      rb-fsevent (>= 0.9.3)
      rb-inotify (>= 0.9)
    lumberjack (1.0.9)
    method_source (0.8.2)
    mime-types (2.4.3)
    multi_json (1.10.1)
    netrc (0.8.0)
    parallel (1.3.3)
    pry (0.10.1)
      coderay (~> 1.1.0)
      method_source (~> 0.8.1)
      slop (~> 3.4)
    rack (1.5.2)
    rb-fsevent (0.9.4)
    rb-inotify (0.9.5)
      ffi (>= 0.5.0)
    ref (1.0.5)
    rest-client (1.7.2)
      mime-types (>= 1.16, < 3.0)
      netrc (~> 0.7)
    ruby-s3cmd (0.1.5)
    sass (3.4.8)
    slop (3.6.0)
    therubyracer (0.12.1)
      libv8 (~> 3.16.14.0)
      ref
    thor (0.19.1)
    tilt (2.0.1)
    timers (4.0.1)
      hitimes
    zurb-foundation (4.3.2)
      sass (>= 3.2.0)

PLATFORMS
  ruby

DEPENDENCIES
  asciidoctor (= 1.5.0)
  awestruct (~> 0.5.6.beta7)
  git
  less (~> 2.6.0)
  therubyracer
